GIT
  remote: https://github.com/pengwynn/octokit.git
  revision: 1bc25e7873cffed78a9f98cdefef066f7e633db2
  specs:
    octokit (1.0.3)
      addressable (~> 2.2)
      faraday (~> 0.8)
      faraday_middleware (~> 0.8)
      hashie (~> 1.2)
      multi_json (~> 1.3)

GEM
  remote: http://rubygems.org/
  specs:
    addressable (2.2.7)
    faraday (0.8.0)
      multipart-post (~> 1.1)
    faraday_middleware (0.8.7)
      faraday (>= 0.7.4, < 0.9)
    hashie (1.2.0)
    multi_json (1.3.2)
    multipart-post (1.1.5)

PLATFORMS
  ruby

DEPENDENCIES
  octokit!
